GIT
  remote: https://github.com/ahayworth/opentelemetry-ruby.git
  revision: 72c2b8fed78cce714e128d1e73e05863e7d05889
  branch: ahayworth-add-grpc-instrumentation
  glob: instrumentation/grpc/*.gemspec
  specs:
    opentelemetry-instrumentation-grpc (0.1.0)
      opentelemetry-api (~> 1.0.0.rc2)
      opentelemetry-instrumentation-base (~> 0.18.1)

GEM
  remote: https://rubygems.org/
  specs:
    google-protobuf (3.17.1)
    googleapis-common-protos-types (1.0.6)
      google-protobuf (~> 3.14)
    grpc (1.38.0)
      google-protobuf (~> 3.15)
      googleapis-common-protos-types (~> 1.0)
    opentelemetry-api (1.0.0.rc2)
    opentelemetry-common (0.19.0)
      opentelemetry-api (~> 1.0.0.rc2)
    opentelemetry-exporter-otlp (0.20.1)
      google-protobuf (~> 3.7)
      opentelemetry-api (~> 1.0.0.rc2)
      opentelemetry-common (~> 0.19.0)
      opentelemetry-sdk (~> 1.0.0.rc2)
    opentelemetry-instrumentation-base (0.18.1)
      opentelemetry-api (~> 1.0.0.rc2)
    opentelemetry-instrumentation-redis (0.20.0)
      opentelemetry-api (~> 1.0.0.rc2)
      opentelemetry-common (~> 0.19.0)
      opentelemetry-instrumentation-base (~> 0.18.1)
    opentelemetry-propagator-b3 (0.19.0)
      opentelemetry-api (~> 1.0.0.rc2)
    opentelemetry-sdk (1.0.0.rc2)
      opentelemetry-api (~> 1.0.0.rc2)
      opentelemetry-common (~> 0.19.0)
      opentelemetry-instrumentation-base (~> 0.18.1)
    redis (4.2.5)

PLATFORMS
  ruby

DEPENDENCIES
  grpc
  opentelemetry-exporter-otlp (~> 0.20.1)
  opentelemetry-instrumentation-grpc!
  opentelemetry-instrumentation-redis (~> 0.20.0)
  opentelemetry-propagator-b3 (~> 0.19.0)
  opentelemetry-sdk (~> 1.0.0.rc2)
  redis

BUNDLED WITH
   2.1.4
