GEM
  remote: https://rubygems.org/
  specs:
    google-protobuf (3.15.6)
    googleapis-common-protos-types (1.0.6)
      google-protobuf (~> 3.14)
    grpc (1.36.0)
      google-protobuf (~> 3.14)
      googleapis-common-protos-types (~> 1.0)
    grpc-tools (1.36.0)
    redis (4.2.5)

PLATFORMS
  ruby

DEPENDENCIES
  grpc (~> 1.36)
  grpc-tools
  redis (~> 4.2)

BUNDLED WITH
   2.1.4
